PATH
  remote: .
  specs:
    resque (1.15.0)
      json (~> 1.4.6)
      redis-namespace (>= 0.10.0)
      sinatra (>= 0.9.2)
      vegas (~> 0.1.2)

GEM
  remote: http://rubygems.org/
  specs:
    json (1.4.6)
    mocha (0.9.10)
      rake
    rack (1.2.2)
    rack-test (0.5.7)
      rack (>= 1.0)
    rake (0.8.7)
    redis (2.2.0)
    redis-namespace (0.10.0)
      redis (< 3.0.0)
    sinatra (1.2.1)
      rack (~> 1.1)
      tilt (< 2.0, >= 1.2.2)
    tilt (1.2.2)
    vegas (0.1.8)
      rack (>= 1.0.0)
    watchr (0.7)

PLATFORMS
  ruby

DEPENDENCIES
  mocha
  rack-test (~> 0.5)
  resque!
  watchr
